GEM
  remote: https://rubygems.org/
  specs:
    addressable (2.4.0)
    byebug (9.0.6)
    canvas-api (1.1.1)
      json
      typhoeus
    crack (0.4.3)
      safe_yaml (~> 1.0.0)
    ethon (0.9.1)
      ffi (>= 1.3.0)
    ffi (1.9.14)
    figaro (1.1.1)
      thor (~> 0.14)
    haml (4.0.7)
      tilt
    hashdiff (0.3.0)
    json (2.0.2)
    listen (3.0.6)
      rb-fsevent (>= 0.9.3)
      rb-inotify (>= 0.9.7)
    rack (1.6.4)
    rack-protection (1.5.3)
      rack
    rb-fsevent (0.9.7)
    rb-inotify (0.9.7)
      ffi (>= 0.5.0)
    rerun (0.11.0)
      listen (~> 3.0)
    safe_yaml (1.0.4)
    sinatra (1.4.7)
      rack (~> 1.5)
      rack-protection (~> 1.4)
      tilt (>= 1.3, < 3)
    thor (0.19.1)
    tilt (2.0.5)
    typhoeus (1.1.0)
      ethon (>= 0.9.0)
    webmock (2.1.0)
      addressable (>= 2.3.6)
      crack (>= 0.3.2)
      hashdiff

PLATFORMS
  ruby

DEPENDENCIES
  byebug
  canvas-api
  figaro
  haml
  rerun
  sinatra
  webmock

BUNDLED WITH
   1.12.5
